PATH
  remote: .
  specs:
    jbuilder (0.3)
      blankslate (>= 2.1.2.4)

GEM
  remote: http://rubygems.org/
  specs:
    blankslate (3.1.3)

PLATFORMS
  ruby

DEPENDENCIES
  jbuilder!

BUNDLED WITH
   1.17.3
