PATH
  remote: .
  specs:
    jbuilder (0.3)

GEM
  remote: https://rubygems.org/
  specs:

PLATFORMS
  ruby

DEPENDENCIES
  jbuilder!

BUNDLED WITH
   1.17.3
