PATH
  remote: .
  specs:
    jbuilder (0.3)
      blankslate (= 2.1.2.4)

GEM
  remote: https://rubygems.org/
  specs:
    blankslate (2.1.2.4)

PLATFORMS
  ruby

DEPENDENCIES
  jbuilder!

BUNDLED WITH
   1.17.3
